GEM
  remote: https://rubygems.org/
  specs:
    colorize (0.8.1)
    env (0.3.0)
    json (2.5.1)

PLATFORMS
  ruby

DEPENDENCIES
  colorize
  env
  json

BUNDLED WITH
   2.2.15
